PATH
  remote: .
  specs:
    nanny (0.0.1)
      active_support
      addressable
      colored
      highline
      nokogiri
      rest-client
      ruby-progressbar
      terminal-table
      trollop

GEM
  remote: https://rubygems.org/
  specs:
    active_support (3.0.0)
      activesupport (= 3.0.0)
    activesupport (3.0.0)
    addressable (2.3.2)
    colored (1.2)
    crack (0.3.2)
    diff-lcs (1.1.3)
    highline (1.6.15)
    mime-types (1.20.1)
    nokogiri (1.5.6)
    rake (10.0.4)
    rest-client (1.6.7)
      mime-types (>= 1.16)
    rspec (2.12.0)
      rspec-core (~> 2.12.0)
      rspec-expectations (~> 2.12.0)
      rspec-mocks (~> 2.12.0)
    rspec-core (2.12.2)
    rspec-expectations (2.12.1)
      diff-lcs (~> 1.1.3)
    rspec-mocks (2.12.2)
    ruby-progressbar (1.0.2)
    terminal-table (1.4.5)
    trollop (2.0)
    vcr (2.4.0)
    webmock (1.9.0)
      addressable (>= 2.2.7)
      crack (>= 0.1.7)

PLATFORMS
  ruby

DEPENDENCIES
  nanny!
  rake
  rspec
  vcr
  webmock
